GEM
  remote: https://rubygems.org/
  specs:
    qml (1.0.1)

PLATFORMS
  ruby

DEPENDENCIES
  qml

BUNDLED WITH
   1.10.4
